GEM
  remote: https://rubygems.org/
  specs:
    bindata (2.4.10)

PLATFORMS
  ruby

DEPENDENCIES
  bindata

RUBY VERSION
   ruby 2.7.2p137

BUNDLED WITH
   2.1.4
